GIT
  remote: git://github.com/plataformatec/simple_form.git
  revision: 9038c6b6d3498600464fd3bc6324413a81ede5bf
  specs:
    simple_form (2.0.0.dev)
      actionpack (~> 3.0)
      activemodel (~> 3.0)

GEM
  remote: https://rubygems.org/
  specs:
    actionmailer (3.2.0.rc2)
      actionpack (= 3.2.0.rc2)
      mail (~> 2.3.0)
    actionpack (3.2.0.rc2)
      activemodel (= 3.2.0.rc2)
      activesupport (= 3.2.0.rc2)
      builder (~> 3.0.0)
      erubis (~> 2.7.0)
      journey (~> 1.0.0.rc1)
      rack (~> 1.4.0)
      rack-cache (~> 1.1)
      rack-test (~> 0.6.1)
      sprockets (~> 2.1.2)
    activemodel (3.2.0.rc2)
      activesupport (= 3.2.0.rc2)
      builder (~> 3.0.0)
    activerecord (3.2.0.rc2)
      activemodel (= 3.2.0.rc2)
      activesupport (= 3.2.0.rc2)
      arel (~> 3.0.0.rc1)
      tzinfo (~> 0.3.29)
    activeresource (3.2.0.rc2)
      activemodel (= 3.2.0.rc2)
      activesupport (= 3.2.0.rc2)
    activesupport (3.2.0.rc2)
      i18n (~> 0.6)
      multi_json (~> 1.0)
    addressable (2.2.6)
    arel (3.0.0)
    builder (3.0.0)
    chunky_png (1.2.5)
    coffee-rails (3.2.1)
      coffee-script (>= 2.2.0)
      railties (~> 3.2.0.beta)
    coffee-script (2.2.0)
      coffee-script-source
      execjs
    coffee-script-source (1.2.0)
    compass (0.12.alpha.4)
      chunky_png (~> 1.2)
      fssm (>= 0.2.7)
      sass (~> 3.1)
    diff-lcs (1.1.3)
    erubis (2.7.0)
    execjs (1.2.13)
      multi_json (~> 1.0)
    factory_girl (2.4.0)
      activesupport
    factory_girl_rails (1.5.0)
      factory_girl (~> 2.4.0)
      railties (>= 3.0.0)
    faraday (0.7.5)
      addressable (~> 2.2.6)
      multipart-post (~> 1.1.3)
      rack (>= 1.1.0, < 2)
    faraday_middleware (0.7.0)
      faraday (~> 0.7.3)
    friendly_id (4.0.0)
    fssm (0.2.8.1)
    haml (3.1.4)
    has_scope (0.5.1)
    hike (1.2.1)
    i18n (0.6.0)
    inherited_resources (1.3.0)
      has_scope (~> 0.5.0)
      responders (~> 0.6.0)
    journey (1.0.0)
    jquery-rails (2.0.0)
      railties (>= 3.2.0.beta, < 5.0)
      thor (~> 0.14)
    json (1.6.5)
    mail (2.3.0)
      i18n (>= 0.4.0)
      mime-types (~> 1.16)
      treetop (~> 1.4.8)
    mime-types (1.17.2)
    multi_json (1.0.4)
    multipart-post (1.1.4)
    nokogiri (1.5.0)
    pjax_rails (0.1.10)
      jquery-rails
    polyglot (0.3.3)
    rack (1.4.0)
    rack-cache (1.1)
      rack (>= 0.4)
    rack-ssl (1.3.2)
      rack
    rack-test (0.6.1)
      rack (>= 1.0)
    rails (3.2.0.rc2)
      actionmailer (= 3.2.0.rc2)
      actionpack (= 3.2.0.rc2)
      activerecord (= 3.2.0.rc2)
      activeresource (= 3.2.0.rc2)
      activesupport (= 3.2.0.rc2)
      bundler (~> 1.0)
      railties (= 3.2.0.rc2)
    railties (3.2.0.rc2)
      actionpack (= 3.2.0.rc2)
      activesupport (= 3.2.0.rc2)
      rack-ssl (~> 1.3.2)
      rake (>= 0.8.7)
      rdoc (~> 3.4)
      thor (~> 0.14.6)
    rake (0.9.2.2)
    rdoc (3.12)
      json (~> 1.4)
    responders (0.6.4)
    rspec (2.8.0)
      rspec-core (~> 2.8.0)
      rspec-expectations (~> 2.8.0)
      rspec-mocks (~> 2.8.0)
    rspec-core (2.8.0)
    rspec-expectations (2.8.0)
      diff-lcs (~> 1.1.2)
    rspec-mocks (2.8.0)
    rspec-rails (2.8.1)
      actionpack (>= 3.0)
      activesupport (>= 3.0)
      railties (>= 3.0)
      rspec (~> 2.8.0)
    sass (3.1.12)
    sass-rails (3.2.3)
      railties (~> 3.2.0.beta)
      sass (>= 3.1.10)
      tilt (~> 1.3)
    shoulda-matchers (1.0.0)
    sprockets (2.1.2)
      hike (~> 1.2)
      rack (~> 1.0)
      tilt (~> 1.1, != 1.3.0)
    sqlite3 (1.3.5)
    thor (0.14.6)
    tilt (1.3.3)
    treetop (1.4.10)
      polyglot
      polyglot (>= 0.3.1)
    typhoeus (0.3.3)
      mime-types
    tzinfo (0.3.31)
    uglifier (1.2.2)
      execjs (>= 0.3.0)
      multi_json (>= 1.0.2)

PLATFORMS
  ruby

DEPENDENCIES
  coffee-rails
  compass (~> 0.12.alpha.4)
  factory_girl_rails
  faraday
  faraday_middleware
  friendly_id
  haml
  inherited_resources
  jquery-rails
  nokogiri
  pjax_rails
  rails (= 3.2.0.rc2)
  rspec-rails
  sass-rails
  shoulda-matchers
  simple_form!
  sqlite3
  typhoeus
  uglifier
